GEM
  remote: https://rubygems.org/
  specs:
    byebug (11.1.3)
    minitest (5.15.0)
    ruby2d (0.11.1)

PLATFORMS
  x86_64-darwin-21

DEPENDENCIES
  byebug
  minitest
  ruby2d

BUNDLED WITH
   2.3.4
